FRAMEWORK: NET461
NUGET
  remote: https://www.nuget.org/api/v2
    Newtonsoft.Json (6.0.4)
    NuGet.CommandLine (3.5)
    roundhouse (0.8.6)
