FRAMEWORK: NET461
NUGET
  remote: https://www.nuget.org/api/v2
    Newtonsoft.Json (9.0.1)
    NuGet.CommandLine (3.5)
    roundhouse (0.8.6)
